GEM
  remote: https://rubygems.org/
  specs:
    curses (1.3.2)

PLATFORMS
  ruby

DEPENDENCIES
  curses

BUNDLED WITH
   2.0.2
